GEM
  remote: http://rubygems.org/
  specs:
    bcrypt-ruby (3.0.1)
    daemons (1.1.8)
    eventmachine (0.12.10)
    json (1.7.4)
    latinum (0.2.4)
    mime-types (1.19)
    nokogiri (1.5.5)
    ofx (0.3.1)
      nokogiri
    periodical (0.1.1)
    qif (1.1.1)
    rack (1.4.1)
    rack-cache (1.2)
      rack (>= 0.4)
    rack-contrib (1.1.0)
      rack (>= 0.9.1)
    redcarpet (2.1.1)
    relaxo (0.3.1)
      json (~> 1.7.3)
      rest-client (~> 1.6.7)
    relaxo-model (0.3.9)
      relaxo
    relaxo-query-server (0.1.1)
      json (~> 1.7.3)
      relaxo (~> 0.3.1)
    rest-client (1.6.7)
      mime-types (>= 1.16)
    rmagick (2.13.1)
    thin (1.3.1)
      daemons (>= 1.0.9)
      eventmachine (>= 0.12.6)
      rack (>= 1.0.0)
    utopia (0.10.0)
      mime-types
      rack
      rack-cache
      rack-contrib
      rmagick

PLATFORMS
  ruby

DEPENDENCIES
  bcrypt-ruby (~> 3.0.1)
  latinum (~> 0.2.4)
  ofx (~> 0.3.1)
  periodical (~> 0.1.1)
  qif (~> 1.1.1)
  redcarpet (~> 2.1.1)
  relaxo (~> 0.3.1)
  relaxo-model (~> 0.3.9)
  relaxo-query-server (~> 0.1.1)
  thin (~> 1.3.1)
  utopia (~> 0.10.0)
