GEM
  remote: https://rubygems.org/
  specs:
    bcrypt (3.1.11)
    coderay (1.1.1)
    concurrent-ruby (1.0.4)
    crass (1.0.2)
    diff-lcs (1.2.5)
    docile (1.1.5)
    domain_name (0.5.20161129)
      unf (>= 0.0.5, < 1.0.0)
    http-accept (1.6.0)
    http-cookie (1.0.3)
      domain_name (~> 0.5)
    json (1.8.6)
    kramdown (1.13.2)
    latinum (1.0.0)
    mail (2.6.4)
      mime-types (>= 1.16, < 4)
    mapping (1.0.0)
    method_source (0.8.2)
    mime-types (3.1)
      mime-types-data (~> 3.2015)
    mime-types-data (3.2016.0521)
    mini_portile2 (2.1.0)
    netrc (0.11.0)
    nokogiri (1.7.0.1)
      mini_portile2 (~> 2.1.0)
    nokogumbo (1.4.10)
      nokogiri
    ofx (0.3.2)
      nokogiri
    passenger (5.1.1)
      rack
      rake (>= 0.8.1)
    periodical (1.1.0)
    pry (0.10.4)
      coderay (~> 1.1.0)
      method_source (~> 0.8.1)
      slop (~> 3.4)
    puma (3.6.2)
    qif (1.2.0)
    rack (2.0.1)
    rack-test (0.6.3)
      rack (>= 1.0)
    rainbow (2.2.1)
    rake (12.0.0)
    relaxo (0.4.7)
      json (~> 1.8)
      rest-client
    relaxo-model (0.4.11)
      relaxo (~> 0.4.0)
    relaxo-query-server (0.1.5)
      json (~> 1.8)
      relaxo (~> 0.4.4)
      rest-client
    rest-client (2.0.0)
      http-cookie (>= 1.0.2, < 2.0)
      mime-types (>= 1.16, < 4.0)
      netrc (~> 0.8)
    rspec (3.5.0)
      rspec-core (~> 3.5.0)
      rspec-expectations (~> 3.5.0)
      rspec-mocks (~> 3.5.0)
    rspec-core (3.5.4)
      rspec-support (~> 3.5.0)
    rspec-expectations (3.5.0)
      diff-lcs (>= 1.2.0, < 2.0)
      rspec-support (~> 3.5.0)
    rspec-mocks (3.5.0)
      diff-lcs (>= 1.2.0, < 2.0)
      rspec-support (~> 3.5.0)
    rspec-support (3.5.0)
    samovar (1.3.0)
      mapping (~> 1.0.0)
      rainbow (~> 2.0)
    sanitize (4.4.0)
      crass (~> 1.0.2)
      nokogiri (>= 1.4.4)
      nokogumbo (~> 1.4.1)
    simplecov (0.12.0)
      docile (~> 1.1.0)
      json (>= 1.8, < 3)
      simplecov-html (~> 0.10.0)
    simplecov-html (0.10.0)
    slop (3.6.0)
    trenni (2.1.0)
    trenni-formatters (2.2.0)
      mapping (~> 1.0)
      trenni (~> 2.1)
    unf (0.1.4)
      unf_ext
    unf_ext (0.0.7.2)
    utopia (1.9.9)
      concurrent-ruby (~> 1.0)
      http-accept (~> 1.6)
      mail (~> 2.6)
      mime-types (~> 3.0)
      rack (~> 2.0)
      rainbow (~> 2.0)
      samovar (~> 1.2)
      trenni (~> 2.0)

PLATFORMS
  ruby

DEPENDENCIES
  bcrypt (~> 3.0)
  bundler
  kramdown
  latinum (~> 1.0)
  ofx (~> 0.3)
  passenger
  periodical (~> 1.0)
  pry
  puma
  qif (~> 1.1)
  rack-test
  rake
  relaxo (~> 0.4)
  relaxo-model (~> 0.4)
  relaxo-query-server (~> 0.1)
  rspec
  sanitize
  simplecov
  trenni-formatters (~> 2.1)
  utopia (~> 1.9.9)

BUNDLED WITH
   1.13.6
