GIT
  remote: git://github.com/libgit2/rugged.git
  revision: 57b46ebe7d32db16681c848c1d9388207fa2666c
  submodules: true
  specs:
    rugged (0.26.0b5)

GEM
  remote: https://rubygems.org/
  specs:
    bcrypt (3.1.11)
    coderay (1.1.1)
    concurrent-ruby (1.0.5)
    crass (1.0.2)
    diff-lcs (1.3)
    docile (1.1.5)
    facets (3.1.0)
    ffi (1.9.18)
    formatador (0.2.5)
    guard (2.14.1)
      formatador (>= 0.2.4)
      listen (>= 2.7, < 4.0)
      lumberjack (~> 1.0)
      nenv (~> 0.1)
      notiffany (~> 0.0)
      pry (>= 0.9.12)
      shellany (~> 0.0)
      thor (>= 0.18.1)
    guard-compat (1.2.1)
    guard-puma (0.3.5)
      guard (~> 2.14)
      guard-compat (~> 1.2)
      puma (~> 3.6)
    guard-rspec (4.7.3)
      guard (~> 2.1)
      guard-compat (~> 1.1)
      rspec (>= 2.99.0, < 4.0)
    http-accept (1.7.0)
    json (2.0.3)
    kramdown (1.13.2)
    latinum (1.2.0)
    listen (3.1.5)
      rb-fsevent (~> 0.9, >= 0.9.4)
      rb-inotify (~> 0.9, >= 0.9.7)
      ruby_dep (~> 1.2)
    lumberjack (1.0.11)
    mail (2.6.4)
      mime-types (>= 1.16, < 4)
    mapping (1.1.1)
    method_source (0.8.2)
    mime-types (3.1)
      mime-types-data (~> 3.2015)
    mime-types-data (3.2016.0521)
    mini_portile2 (2.1.0)
    msgpack (1.1.0)
    nenv (0.3.0)
    nokogiri (1.7.1)
      mini_portile2 (~> 2.1.0)
    nokogumbo (1.4.10)
      nokogiri
    notiffany (0.1.1)
      nenv (~> 0.1)
      shellany (~> 0.0)
    ofx (0.3.2)
      nokogiri
    passenger (5.1.2)
      rack
      rake (>= 0.8.1)
    periodical (1.1.0)
    pry (0.10.4)
      coderay (~> 1.1.0)
      method_source (~> 0.8.1)
      slop (~> 3.4)
    puma (3.8.2)
    qif (1.2.0)
    rack (2.0.1)
    rack-freeze (1.2.0)
      rack (~> 2.0)
    rack-test (0.6.3)
      rack (>= 1.0)
    rainbow (2.2.1)
    rake (12.0.0)
    rake-compiler (1.0.3)
      rake
    rb-fsevent (0.9.8)
    rb-inotify (0.9.8)
      ffi (>= 0.5.0)
    relaxo (1.0.0)
      rugged
    relaxo-model (0.9.0)
      msgpack (~> 1.0)
      relaxo (~> 1.0)
    rspec (3.5.0)
      rspec-core (~> 3.5.0)
      rspec-expectations (~> 3.5.0)
      rspec-mocks (~> 3.5.0)
    rspec-core (3.5.4)
      rspec-support (~> 3.5.0)
    rspec-expectations (3.5.0)
      diff-lcs (>= 1.2.0, < 2.0)
      rspec-support (~> 3.5.0)
    rspec-mocks (3.5.0)
      diff-lcs (>= 1.2.0, < 2.0)
      rspec-support (~> 3.5.0)
    rspec-support (3.5.0)
    ruby_dep (1.5.0)
    samovar (1.3.2)
      mapping (~> 1.0)
      rainbow (~> 2.0)
    sanitize (4.4.0)
      crass (~> 1.0.2)
      nokogiri (>= 1.4.4)
      nokogumbo (~> 1.4.1)
    shellany (0.0.1)
    simplecov (0.14.1)
      docile (~> 1.1.0)
      json (>= 1.8, < 3)
      simplecov-html (~> 0.10.0)
    simplecov-html (0.10.0)
    slop (3.6.0)
    thor (0.19.4)
    trenni (3.1.2)
      rake-compiler
    trenni-formatters (2.6.0)
      mapping (~> 1.1)
      trenni (~> 3.0)
    utopia (2.0.3)
      concurrent-ruby (~> 1.0)
      http-accept (~> 1.6)
      mail (~> 2.6)
      mime-types (~> 3.0)
      rack (~> 2.0)
      rainbow (~> 2.1)
      samovar (~> 1.2)
      trenni (~> 3.0)

PLATFORMS
  ruby

DEPENDENCIES
  bcrypt (~> 3.0)
  bundler
  facets
  guard-puma
  guard-rspec
  kramdown
  latinum (~> 1.2)
  ofx (~> 0.3)
  passenger
  periodical (~> 1.0)
  pry
  puma
  qif (~> 1.1)
  rack-freeze (~> 1.2)
  rack-test
  rake
  relaxo (~> 1.0)
  relaxo-model (~> 0.9)
  rspec
  rugged!
  sanitize
  simplecov
  trenni-formatters (~> 2.4)
  utopia (~> 2.0.3)

BUNDLED WITH
   1.14.6
