GEM
  remote: https://rubygems.org/
  specs:
    bcrypt-ruby (3.0.1)
    domain_name (0.5.23)
      unf (>= 0.0.5, < 1.0.0)
    http-cookie (1.0.2)
      domain_name (~> 0.5)
    json (1.8.2)
    latinum (0.2.5)
    mail (2.6.3)
      mime-types (>= 1.16, < 3)
    mime-types (2.4.3)
    mini_portile (0.6.2)
    netrc (0.10.3)
    nokogiri (1.6.6.2)
      mini_portile (~> 0.6.0)
    ofx (0.3.2)
      nokogiri
    periodical (0.1.1)
    puma (2.11.1)
      rack (>= 1.1, < 2.0)
    qif (1.1.2)
    rack (1.6.0)
    rack-cache (1.2)
      rack (>= 0.4)
    redcarpet (2.1.1)
    relaxo (0.4.4)
      json (~> 1.8)
      rest-client
    relaxo-model (0.3.9)
      relaxo
    relaxo-query-server (0.1.4)
      json (~> 1.8)
      relaxo (~> 0.4.4)
      rest-client
    rest-client (1.8.0)
      http-cookie (>= 1.0.2, < 2.0)
      mime-types (>= 1.16, < 3.0)
      netrc (~> 0.7)
    trenni (1.4.1)
    unf (0.1.4)
      unf_ext
    unf_ext (0.0.6)
    utopia (1.0.7)
      mail (~> 2.6.1)
      mime-types (~> 2.0)
      rack (~> 1.5)
      rack-cache (~> 1.2.0)
      trenni (~> 1.4.1)

PLATFORMS
  ruby

DEPENDENCIES
  bcrypt-ruby (~> 3.0.1)
  latinum (~> 0.2.4)
  ofx (~> 0.3.1)
  periodical (~> 0.1.1)
  puma
  qif (~> 1.1.1)
  redcarpet (~> 2.1.1)
  relaxo (~> 0.4.0)
  relaxo-model (~> 0.3.9)
  relaxo-query-server (~> 0.1.2)
  utopia (~> 1.0.7)
